GEM
  remote: https://rubygems.org/
  specs:
    apollo-federation (3.3.0)
      google-protobuf (~> 3.19)
      graphql (>= 1.10.14)
    daemons (1.4.0)
    eventmachine (1.2.7)
    ffi (1.15.3)
    google-protobuf (3.21.5)
    graphql (2.0.13)
    listen (3.6.0)
      rb-fsevent (~> 0.10, >= 0.10.3)
      rb-inotify (~> 0.9, >= 0.9.10)
    mustermann (2.0.2)
      ruby2_keywords (~> 0.0.1)
    rack (2.2.3)
    rack-protection (2.2.2)
      rack
    rake (13.0.6)
    rb-fsevent (0.11.0)
    rb-inotify (0.10.1)
      ffi (~> 1.0)
    rb-kqueue (0.2.6)
      ffi (>= 0.5.0)
    rerun (0.13.1)
      listen (~> 3.0)
    ruby2_keywords (0.0.5)
    sinatra (2.2.2)
      mustermann (~> 2.0)
      rack (~> 2.2)
      rack-protection (= 2.2.2)
      tilt (~> 2.0)
    thin (1.8.1)
      daemons (~> 1.0, >= 1.0.9)
      eventmachine (~> 1.0, >= 1.0.4)
      rack (>= 1, < 3)
    tilt (2.0.11)

PLATFORMS
  ruby

DEPENDENCIES
  apollo-federation (~> 3)
  graphql (~> 2.0)
  rack (~> 2.2)
  rake (~> 13.0)
  rb-kqueue (~> 0.2)
  rerun (~> 0.13.1)
  sinatra (~> 2.2)
  thin (~> 1.8)

BUNDLED WITH
   2.3.21
